GEM
  remote: https://rubygems.org/
  specs:
    commander (4.1.5)
      highline (~> 1.6.11)
    diff-lcs (1.2.5)
    highline (1.6.20)
    mime-types (2.0)
    rest-client (1.6.7)
      mime-types (>= 1.16)
    rspec (2.14.1)
      rspec-core (~> 2.14.0)
      rspec-expectations (~> 2.14.0)
      rspec-mocks (~> 2.14.0)
    rspec-core (2.14.7)
    rspec-expectations (2.14.4)
      diff-lcs (>= 1.1.3, < 2.0)
    rspec-mocks (2.14.4)
    smart_colored (1.1.1)

PLATFORMS
  ruby

DEPENDENCIES
  commander (= 4.1.5)
  rest-client
  rspec
  smart_colored
